GEM
  remote: https://rubygems.org/
  specs:
    eventmachine (1.0.3)
    rainbow (2.0.0)

PLATFORMS
  ruby

DEPENDENCIES
  eventmachine
  rainbow
